GIT
  remote: git://github.com/ResumeNothing/bing-ads-common.git
  revision: f0f0cc74aa99b049a4c92cfb37f87351acbd5896
  specs:
    bing-ads-common (0.8.2)

PATH
  remote: .
  specs:
    bing_ads_api (0.0.6)
      activesupport (>= 3.1.0)
      savon (~> 1.2.0)

GEM
  remote: http://rubygems.org/
  specs:
    activesupport (3.2.14)
      i18n (~> 0.6, >= 0.6.4)
      multi_json (~> 1.0)
    akami (1.2.0)
      gyoku (>= 0.4.0)
      nokogiri (>= 1.4.0)
    builder (3.2.1)
    diff-lcs (1.1.3)
    faraday (0.8.7)
      multipart-post (~> 1.1)
    gyoku (0.4.6)
      builder (>= 2.1.2)
    httpauth (0.2.0)
    httpi (1.1.1)
      rack
    i18n (0.6.5)
    jwt (0.1.8)
      multi_json (>= 1.5)
    multi_json (1.7.4)
    multipart-post (1.2.0)
    nokogiri (1.5.9)
    nori (1.1.5)
    oauth (0.4.7)
    oauth2 (0.8.1)
      faraday (~> 0.8)
      httpauth (~> 0.1)
      jwt (~> 0.1.4)
      multi_json (~> 1.0)
      rack (~> 1.2)
    rack (1.5.2)
    rake (0.9.2.2)
    rspec (2.11.0)
      rspec-core (~> 2.11.0)
      rspec-expectations (~> 2.11.0)
      rspec-mocks (~> 2.11.0)
    rspec-core (2.11.1)
    rspec-expectations (2.11.3)
      diff-lcs (~> 1.1.3)
    rspec-mocks (2.11.2)
    savon (1.2.0)
      akami (~> 1.2.0)
      builder (>= 2.1.2)
      gyoku (~> 0.4.5)
      httpi (~> 1.1.0)
      nokogiri (>= 1.4.0)
      nori (~> 1.1.0)
      wasabi (~> 2.5.0)
    wasabi (2.5.1)
      httpi (~> 1.0)
      nokogiri (>= 1.4.0)

PLATFORMS
  ruby

DEPENDENCIES
  bing-ads-common (= 0.8.2)!
  bing_ads_api!
  oauth
  oauth2
  rake
  rspec (~> 2.8)
